GEM
  specs:
    colorize (0.8.1)

PLATFORMS
  x86_64-darwin-18

DEPENDENCIES
  colorize (~> 0.8.1)

BUNDLED WITH
   2.2.9
